GIT
  remote: git://github.com/zanker/ruby-smugmug.git
  revision: 443ac1c3ac0e0b7a7ab06c8dddfc2244c158d319
  specs:
    ruby-smugmug (0.0.1)
      json (~> 1.7.0)

GEM
  remote: https://rubygems.org/
  specs:
    coderay (1.1.0)
    json (1.7.7)
    method_source (0.8.2)
    oauth (0.4.7)
    pry (0.10.1)
      coderay (~> 1.1.0)
      method_source (~> 0.8.1)
      slop (~> 3.4)
    slop (3.6.0)

PLATFORMS
  ruby

DEPENDENCIES
  json
  oauth
  pry
  ruby-smugmug!
